GEM
  remote: https://rubygems.org/
  specs:
    BlueCloth (1.0.1)
    RedCloth (4.2.9)
    blankslate (2.1.2.4)
    haml (4.0.6)
      tilt
    libxml-ruby (2.8.0)
    parslet (1.5.0)
      blankslate (~> 2.0)
    rack (1.4.1)
    rack-test (0.6.3)
      rack (>= 1.0)
    ratom (0.9.0)
      libxml-ruby (~> 2.6)
    soup (1.0.11)
    tilt (2.0.1)
    vanilla (1.17.13)
      BlueCloth (>= 1.0.0)
      RedCloth (>= 4.1.1)
      haml (>= 3.1)
      parslet (~> 1.5.0)
      rack (>= 0.9.1)
      rack-test (>= 0.5.7)
      ratom (>= 0.3.5)
      soup (>= 1.0.11)

PLATFORMS
  ruby

DEPENDENCIES
  rack (= 1.4.1)
  vanilla (= 1.17.13)
